PATH
  remote: .
  specs:
    glued (0.1.0)
      curb
      nokogiri

GEM
  remote: https://rubygems.org/
  specs:
    coveralls (0.7.0)
      multi_json (~> 1.3)
      rest-client
      simplecov (>= 0.7)
      term-ansicolor
      thor
    curb (0.8.5)
    diff-lcs (1.2.5)
    docile (1.1.3)
    mime-types (2.1)
    mini_portile2 (2.0.0)
    multi_json (1.8.4)
    nokogiri (1.6.7)
      mini_portile2 (~> 2.0.0.rc2)
    observr (1.0.5)
    rake (0.9.6)
    rest-client (1.6.7)
      mime-types (>= 1.16)
    rspec (2.14.1)
      rspec-core (~> 2.14.0)
      rspec-expectations (~> 2.14.0)
      rspec-mocks (~> 2.14.0)
    rspec-core (2.14.7)
    rspec-expectations (2.14.5)
      diff-lcs (>= 1.1.3, < 2.0)
    rspec-mocks (2.14.5)
    simplecov (0.8.2)
      docile (~> 1.1.0)
      multi_json
      simplecov-html (~> 0.8.0)
    simplecov-html (0.8.0)
    term-ansicolor (1.2.2)
      tins (~> 0.8)
    thor (0.18.1)
    tins (0.13.2)

PLATFORMS
  ruby

DEPENDENCIES
  coveralls
  glued!
  observr
  rake
  rspec

BUNDLED WITH
   1.10.6
